GEM
  remote: https://rubygems.org/
  specs:
    builder (3.2.2)

PLATFORMS
  ruby

DEPENDENCIES
  builder (~> 3.2)

BUNDLED WITH
   1.12.5
